GEM
  remote: http://gemcutter.org/
  specs:
    columnize (0.3.1)
    gemcutter (0.3.0)
      json_pure
    git (1.2.5)
    jeweler (1.4.0)
      gemcutter (>= 0.1.0)
      git (>= 1.2.5)
      rubyforge (>= 2.0.0)
    json_pure (1.4.6)
    linecache (0.43)
    rake (0.8.7)
    rspec (1.3.0)
    ruby-debug (0.10.3)
      columnize (>= 0.1)
      ruby-debug-base (~> 0.10.3.0)
    ruby-debug-base (0.10.3)
      linecache (>= 0.3)
    rubyforge (2.0.4)
      json_pure (>= 1.1.7)
    thor (0.14.3)
    yard (0.5.8)

PLATFORMS
  ruby

DEPENDENCIES
  bundler (~> 1.0.3)
  jeweler
  rake
  rspec (~> 1.3.0)
  ruby-debug
  thor
  yard
